GEM
  remote: https://rubygems.org/
  specs:
    addressable (2.8.0)
      public_suffix (>= 2.0.2, < 5.0)
    aggregate (0.2.3)
    backports (3.21.0)
    bcrypt (3.1.16)
    bcrypt-ruby (3.1.5)
      bcrypt (>= 3.1.3)
    coderay (1.1.3)
    daemons (1.4.0)
    datamapper (1.2.0)
      dm-aggregates (~> 1.2.0)
      dm-constraints (~> 1.2.0)
      dm-core (~> 1.2.0)
      dm-migrations (~> 1.2.0)
      dm-serializer (~> 1.2.0)
      dm-timestamps (~> 1.2.0)
      dm-transactions (~> 1.2.0)
      dm-types (~> 1.2.0)
      dm-validations (~> 1.2.0)
    dm-aggregates (1.2.0)
      dm-core (~> 1.2.0)
    dm-constraints (1.2.0)
      dm-core (~> 1.2.0)
    dm-core (1.2.1)
      addressable (~> 2.3)
    dm-migrations (1.2.0)
      dm-core (~> 1.2.0)
    dm-serializer (1.2.2)
      dm-core (~> 1.2.0)
      fastercsv (~> 1.5)
      json (~> 1.6)
      json_pure (~> 1.6)
      multi_json (~> 1.0)
    dm-timestamps (1.2.0)
      dm-core (~> 1.2.0)
    dm-transactions (1.2.0)
      dm-core (~> 1.2.0)
    dm-types (1.2.2)
      bcrypt-ruby (~> 3.0)
      dm-core (~> 1.2.0)
      fastercsv (~> 1.5)
      json (~> 1.6)
      multi_json (~> 1.0)
      stringex (~> 1.4)
      uuidtools (~> 2.1)
    dm-validations (1.2.0)
      dm-core (~> 1.2.0)
    eventmachine (1.2.7)
    faraday (1.5.1)
      faraday-em_http (~> 1.0)
      faraday-em_synchrony (~> 1.0)
      faraday-excon (~> 1.1)
      faraday-httpclient (~> 1.0.1)
      faraday-net_http (~> 1.0)
      faraday-net_http_persistent (~> 1.1)
      faraday-patron (~> 1.0)
      multipart-post (>= 1.2, < 3)
      ruby2_keywords (>= 0.0.4)
    faraday-em_http (1.0.0)
    faraday-em_synchrony (1.0.0)
    faraday-excon (1.1.0)
    faraday-httpclient (1.0.1)
    faraday-net_http (1.0.1)
    faraday-net_http_persistent (1.1.0)
    faraday-patron (1.0.0)
    fastercsv (1.5.5)
    ffi (1.15.3)
    hetchy (1.0.0)
    json (1.8.6)
    json_pure (1.8.6)
    librato-metrics (2.1.2)
      aggregate (~> 0.2.2)
      faraday
    librato-rack (2.0.5)
      hetchy (~> 1.0)
      librato-metrics (~> 2.1, >= 2.1.0)
    method_source (1.0.0)
    monkey-lib (0.4.2)
      backports
    multi_json (1.15.0)
    multipart-post (2.1.1)
    mustermann (1.1.1)
      ruby2_keywords (~> 0.0.1)
    nio4r (2.5.7)
    oj (3.12.1)
    passenger (6.0.10)
      rack
      rake (>= 0.8.1)
    pry (0.14.1)
      coderay (~> 1.1)
      method_source (~> 1.0)
    public_suffix (4.0.6)
    puma (5.3.2)
      nio4r (~> 2.0)
    rack (2.2.3)
    rack-protection (2.1.0)
      rack
    rack-test (1.1.0)
      rack (>= 1.0, < 3)
    rake (13.0.6)
    rdiscount (2.2.0.2)
    ruby2_keywords (0.0.4)
    sassc (2.4.0)
      ffi (~> 1.9)
    sinatra (2.1.0)
      mustermann (~> 1.0)
      rack (~> 2.2)
      rack-protection (= 2.1.0)
      tilt (~> 2.0)
    sinatra-advanced-routes (0.4.1)
      monkey-lib (~> 0.4.0)
      sinatra (>= 0.9.4)
      sinatra-sugar (~> 0.4.0)
    sinatra-assets (0.1.1)
    sinatra-contrib (2.1.0)
      multi_json
      mustermann (~> 1.0)
      rack-protection (= 2.1.0)
      sinatra (= 2.1.0)
      tilt (~> 2.0)
    sinatra-export (1.0.1)
      rack
      rack-test
      rake
      sinatra
      sinatra-advanced-routes
      term-ansicolor
    sinatra-js (0.1.5)
      sinatra (>= 1.0)
      sinatra-assets
      sinatra-tags
    sinatra-outputbuffer (0.1.0)
      sinatra (>= 1.0.a)
    sinatra-reloader (1.0)
      sinatra-contrib
    sinatra-sugar (0.4.1)
      monkey-lib (~> 0.4.0)
      sinatra (>= 0.9.4)
    sinatra-tags (0.1.1)
      sinatra (>= 1.0)
      sinatra-outputbuffer (>= 0.1.0)
    slim (4.1.0)
      temple (>= 0.7.6, < 0.9)
      tilt (>= 2.0.6, < 2.1)
    stringex (1.5.1)
    sync (0.5.0)
    temple (0.8.2)
    term-ansicolor (1.7.1)
      tins (~> 1.0)
    thin (1.8.1)
      daemons (~> 1.0, >= 1.0.9)
      eventmachine (~> 1.0, >= 1.0.4)
      rack (>= 1, < 3)
    tilt (2.0.10)
    tins (1.29.1)
      sync
    token_phrase (1.0.6)
      backports
    uuidtools (2.2.0)

PLATFORMS
  ruby

DEPENDENCIES
  datamapper
  librato-rack
  oj
  passenger
  pry
  puma
  rdiscount
  sassc
  sinatra
  sinatra-export (~> 1.0)
  sinatra-js
  sinatra-reloader
  slim
  thin
  tilt
  token_phrase

RUBY VERSION
   ruby 2.7.2p137

BUNDLED WITH
   2.1.4
